GEM
  remote: https://rubygems.org/
  specs:
    childprocess (0.9.0)
      ffi (~> 1.0, >= 1.0.11)
    ffi (1.13.1)
    rubyzip (1.3.0)
    selenium-webdriver (3.2.2)
      childprocess (~> 0.5)
      rubyzip (~> 1.0)
      websocket (~> 1.0)
    websocket (1.2.8)

PLATFORMS
  ruby

DEPENDENCIES
  selenium-webdriver (~> 3.2.1)

BUNDLED WITH
   2.1.4
